GEM
  remote: https://rubygems.org/
  specs:
    highline (1.6.21)
    json (1.8.1)
    mime-types (2.2)
    mini_portile (0.6.0)
    nokogiri (1.6.2.1)
      mini_portile (= 0.6.0)
    rest-client (1.6.7)
      mime-types (>= 1.16)

PLATFORMS
  ruby

DEPENDENCIES
  highline
  json
  nokogiri
  rest-client
